GEM
  remote: https://rubygems.org/
  specs:
    bourbon (3.1.8)
      sass (>= 3.2.0)
      thor
    sass (3.3.4)
    thor (0.19.1)

PLATFORMS
  x86-mingw32

DEPENDENCIES
  bourbon
